NUGET
  remote: https://ci.appveyor.com/nuget/fscheck
    FsCheck (2.5.0-nunit3-b507)
      FSharp.Core (>= 3.1.2.5)
    FsCheck.NUnit (2.5.0-nunit3-b507)
      FsCheck (>= 2.5.0-nunit3-b507)
      NUnit (>= 3.2.1 < 3.3)
  remote: https://www.nuget.org/api/v2
    FSharp.Core (4.0.0.1)
    NUnit (3.2.1)
    NUnit3TestAdapter (3.6.0) - version_in_path: true
